GEM
  remote: http://rubygems.org/
  specs:
    atomic (1.0.1)
    builder (3.0.0)
    daemons (1.1.8)
    eventmachine (0.12.10)
    hpricot (0.8.6)
    mime-types (1.18)
    pg (0.13.2)
    rack (1.4.1)
    rack-protection (1.2.0)
      rack
    rest-client (1.6.7)
      mime-types (>= 1.16)
    route53 (0.2.1)
      builder
      hpricot
      ruby-hmac
    ruby-hmac (0.4.0)
    scrolls (0.1.0)
      atomic (~> 1.0.0)
    sequel (3.36.0)
    sinatra (1.3.2)
      rack (~> 1.3, >= 1.3.6)
      rack-protection (~> 1.2)
      tilt (~> 1.3, >= 1.3.3)
    thin (1.3.1)
      daemons (>= 1.0.9)
      eventmachine (>= 0.12.6)
      rack (>= 1.0.0)
    tilt (1.3.3)

PLATFORMS
  ruby

DEPENDENCIES
  pg
  rest-client
  route53
  scrolls
  sequel
  sinatra
  thin
